PATH
  remote: .
  specs:
    ny_state_fair_concerts_cli_gem (0.1.0)

GEM
  remote: https://rubygems.org/
  specs:
    rake (10.4.2)

PLATFORMS
  ruby

DEPENDENCIES
  bundler (~> 1.16)
  ny_state_fair_concerts_cli_gem!
  rake (~> 10.0)

BUNDLED WITH
   1.16.3
